PATH
  remote: .
  specs:
    eddy (0.0.1)

GEM
  remote: https://rubygems.org/
  specs:
    rake (10.1.1)

PLATFORMS
  ruby

DEPENDENCIES
  bundler (~> 1.5)
  eddy!
  rake (= 10.1.1)
